GEM
  remote: https://gems.ruby-china.com/
  specs:
    ast (2.4.0)
    backports (3.15.0)
    builder (3.2.3)
    bundle (0.0.1)
      bundler
    clipboard (1.3.3)
    csv (3.1.1)
    cucumber (3.1.2)
      builder (>= 2.1.2)
      cucumber-core (~> 3.2.0)
      cucumber-expressions (~> 6.0.1)
      cucumber-wire (~> 0.0.1)
      diff-lcs (~> 1.3)
      gherkin (~> 5.1.0)
      multi_json (>= 1.7.5, < 2.0)
      multi_test (>= 0.1.2)
    cucumber-core (3.2.1)
      backports (>= 3.8.0)
      cucumber-tag_expressions (~> 1.1.0)
      gherkin (~> 5.0)
    cucumber-expressions (6.0.1)
    cucumber-tag_expressions (1.1.1)
    cucumber-wire (0.0.1)
    diff-lcs (1.3)
    docile (1.3.1)
    gherkin (5.1.0)
    jaro_winkler (1.5.2)
    jaro_winkler (1.5.2-java)
    json (2.2.0)
    json (2.2.0-java)
    jsonpath (1.0.2)
      multi_json
      to_regexp (~> 0.2.1)
    mini_portile2 (2.4.0)
    minitest (5.11.3)
    minitest-junit (0.2.0)
      builder (~> 3.2)
      minitest (~> 5.0)
    multi_json (1.13.1)
    multi_test (0.1.2)
    nexus (1.4.0)
    nokogiri (1.10.3)
      mini_portile2 (~> 2.4.0)
    nokogiri (1.10.3-java)
    parallel (1.17.0)
    parser (2.6.3.0)
      ast (~> 2.4.0)
    rainbow (3.0.0)
    rake (12.3.3)
    redis (4.1.1)
    rubocop (0.70.0)
      jaro_winkler (~> 1.5.1)
      parallel (~> 1.10)
      parser (>= 2.6)
      rainbow (>= 2.2.2, < 4.0)
      ruby-progressbar (~> 1.7)
      unicode-display_width (>= 1.4.0, < 1.7)
    ruby-progressbar (1.10.0)
    rukuli (1.0.3)
    simplecov (0.16.1)
      docile (~> 1.1)
      json (>= 1.8, < 3)
      simplecov-html (~> 0.10.0)
    simplecov-html (0.10.2)
    thor (0.20.3)
    to_regexp (0.2.1)
    unicode-display_width (1.6.0)

PLATFORMS
  java
  ruby

DEPENDENCIES
  bundle
  clipboard
  csv
  cucumber
  json
  jsonpath
  minitest
  minitest-junit
  nexus
  nokogiri
  rake
  redis
  rubocop
  rukuli
  simplecov
  simplecov-html
  thor

BUNDLED WITH
   2.0.1
