GEM
  remote: https://gems.ruby-china.com/
  specs:
    docile (1.3.1)
    json (2.2.0-java)
    minitest (5.11.3)
    redis (4.1.1)
    rukuli (1.0.3)
    simplecov (0.16.1)
      docile (~> 1.1)
      json (>= 1.8, < 3)
      simplecov-html (~> 0.10.0)
    simplecov-html (0.10.2)

PLATFORMS
  java

DEPENDENCIES
  minitest
  redis
  rukuli
  simplecov

BUNDLED WITH
   2.0.1
